GEM
  remote: http://rubygems.org/
  specs:
    RedCloth (4.2.9)
    albino (1.3.3)
      posix-spawn (>= 0.3.6)
    aws-s3 (0.6.3)
      builder
      mime-types
      xml-simple
    builder (3.1.3)
    chunky_png (1.2.5)
    classifier (1.3.3)
      fast-stemmer (>= 1.0.0)
    colored (1.2)
    compass (0.12.2)
      chunky_png (~> 1.2)
      fssm (>= 0.2.7)
      sass (~> 3.1)
    directory_watcher (1.4.1)
    fast-stemmer (1.0.1)
    fssm (0.2.9)
    jekyll (0.11.2)
      albino (~> 1.3)
      classifier (~> 1.3)
      directory_watcher (~> 1.1)
      kramdown (~> 0.13)
      liquid (~> 2.3)
      maruku (~> 0.5)
    jekyll-s3 (0.0.5)
      aws-s3
      simple-cloudfront-invalidator
    kramdown (0.13.7)
    liquid (2.3.0)
    maruku (0.6.0)
      syntax (>= 1.0.0)
    mime-types (1.19)
    posix-spawn (0.3.6)
    rake (0.9.2.2)
    sass (3.1.19)
    simple-cloudfront-invalidator (0.0.1)
      colored (= 1.2)
    slim (1.2.2)
      temple (~> 0.4.0)
      tilt (~> 1.3.3)
    syntax (1.0.0)
    temple (0.4.0)
    tilt (1.3.3)
    xml-simple (1.1.1)

PLATFORMS
  ruby

DEPENDENCIES
  RedCloth
  compass
  jekyll
  jekyll-s3
  rake
  slim
